GEM
  remote: https://rubygems.org/
  specs:
    hashdiff (0.3.0)
    mustermann (1.0.0)
    rack (2.0.2)
    rack-protection (2.0.0)
      rack
    sinatra (2.0.0)
      mustermann (~> 1.0)
      rack (~> 2.0)
      rack-protection (= 2.0.0)
      tilt (~> 2.0)
    tilt (2.0.7)

PLATFORMS
  ruby

DEPENDENCIES
  hashdiff
  sinatra

BUNDLED WITH
   1.13.7
